{
	"dataType": "fmap",
	"modalityLabel":"epi",
	"customLabels":"dir-PA",
	"IntendedFor":["ses-002/func/sub-03_ses-002_task-recognition_run-01_bold.nii.gz",
			"ses-002/func/sub-03_ses-002_task-recognition_run-02_bold.nii.gz",
			"ses-002/func/sub-03_ses-002_task-recognition_run-03_bold.nii.gz",
			"ses-002/func/sub-03_ses-002_task-recognition_run-04_bold.nii.gz",
			"ses-002/func/sub-03_ses-002_task-recognition_run-05_bold.nii.gz",
			"ses-002/func/sub-03_ses-002_task-recognition_run-06_bold.nii.gz",
			"ses-002/func/sub-03_ses-002_task-recognition_run-07_bold.nii.gz",
			"ses-002/func/sub-03_ses-002_task-recognition_run-08_bold.nii.gz",
			"ses-002/func/sub-03_ses-002_task-retrieval_run-01_bold.nii.gz",
			"ses-002/func/sub-03_ses-002_task-retrieval_run-02_bold.nii.gz"],
	"Modality": "MR",
	"MagneticFieldStrength": 3,
	"Manufacturer": "Siemens",
	"ManufacturersModelName": "Skyra",
	"InstitutionName": "institution",
	"InstitutionalDepartmentName": "Department",
	"InstitutionAddress": "Franklin_Blvd_1440_Eugene_District_US_97403",
	"DeviceSerialNumber": "45348",
	"StationName": "AWP45348",
	"BodyPartExamined": "BRAIN",
	"PatientPosition": "HFS",
	"ProcedureStepDescription": "kuhl_lab_Kuhl_SEM",
	"SoftwareVersions": "syngo_MR_E11",
	"MRAcquisitionType": "2D",
	"SeriesDescription": "se_epi_mb3_g2_2mm_pa",
	"ProtocolName": "se_epi_mb3_g2_2mm_pa",
	"ScanningSequence": "EP",
	"SequenceVariant": "SK",
	"ScanOptions": "FS",
	"SequenceName": "epse2d1_104",
	"ImageType": ["ORIGINAL", "PRIMARY", "M", "ND", "MOSAIC"],
	"SeriesNumber": 6,
	"AcquisitionTime": "13:52:11.990000",
	"AcquisitionNumber": 1,
	"SliceThickness": 2,
	"SpacingBetweenSlices": 2,
	"SAR": 0.259359,
	"EchoTime": 0.0478,
	"RepetitionTime": 6.39,
	"FlipAngle": 90,
	"PartialFourier": 1,
	"BaseResolution": 104,
	"ShimSetting": [
		-5007,
		7523,
		9210,
		575,
		141,
		323,
		477,
		-352	],
	"TxRefAmp": 347.862,
	"PhaseResolution": 1,
	"ReceiveCoilName": "Head_32",
	"ReceiveCoilActiveElements": "HEA;HEP",
	"PulseSequenceDetails": "%CustomerSeq%_cmrr_mbep2d_se",
	"ConsistencyInfo": "N4_VE11C_LATEST_20160120",
	"PercentPhaseFOV": 100,
	"EchoTrainLength": 51,
	"PhaseEncodingSteps": 103,
	"AcquisitionMatrixPE": 104,
	"ReconMatrixPE": 104,
	"BandwidthPerPixelPhaseEncode": 27.871,
	"ParallelReductionFactorInPlane": 2,
	"EffectiveEchoSpacing": 0.000344996,
	"DerivedVendorReportedEchoSpacing": 0.000689992,
	"TotalReadoutTime": 0.0355346,
	"PixelBandwidth": 1780,
	"DwellTime": 2.7e-06,
	"PhaseEncodingDirection": "j",
	"SliceTiming": [
		3.185,
		0,
		3.2725,
		0.0875,
		3.36,
		0.1775,
		3.45,
		0.265,
		3.5375,
		0.3525,
		3.6275,
		0.4425,
		3.715,
		0.53,
		3.8025,
		0.6175,
		3.8925,
		0.7075,
		3.98,
		0.795,
		4.07,
		0.885,
		4.1575,
		0.9725,
		4.245,
		1.06,
		4.335,
		1.15,
		4.4225,
		1.2375,
		4.5125,
		1.3275,
		4.6,
		1.415,
		4.6875,
		1.5025,
		4.7775,
		1.5925,
		4.865,
		1.68,
		4.9525,
		1.7675,
		5.0425,
		1.8575,
		5.13,
		1.945,
		5.22,
		2.035,
		5.3075,
		2.1225,
		5.395,
		2.21,
		5.485,
		2.3,
		5.5725,
		2.3875,
		5.6625,
		2.4775,
		5.75,
		2.565,
		5.8375,
		2.6525,
		5.9275,
		2.7425,
		6.015,
		2.83,
		6.105,
		2.92,
		6.1925,
		3.0075,
		6.28,
		3.095	],
	"ImageOrientationPatientDICOM": [
		0.99643,
		-0.00114791,
		-0.0844123,
		0.0158272,
		0.984718,
		0.173438	],
	"InPlanePhaseEncodingDirectionDICOM": "COL",
	"ConversionSoftware": "dcm2niix",
	"ConversionSoftwareVersion": "v1.0.20171215 GCC5.3.1"
}
