{
	"dataType": "fmap",
	"modalityLabel":"epi",
	"customLabels":"dir-AP",
	"IntendedFor":["ses-005/func/sub-02_ses-005_task-recognition_run-01_bold.nii.gz",
			"ses-005/func/sub-02_ses-005_task-recognition_run-02_bold.nii.gz",
			"ses-005/func/sub-02_ses-005_task-recognition_run-03_bold.nii.gz",
			"ses-005/func/sub-02_ses-005_task-recognition_run-04_bold.nii.gz",
			"ses-005/func/sub-02_ses-005_task-recognition_run-05_bold.nii.gz",
			"ses-005/func/sub-02_ses-005_task-recognition_run-06_bold.nii.gz",
			"ses-005/func/sub-02_ses-005_task-recognition_run-07_bold.nii.gz",
			"ses-005/func/sub-02_ses-005_task-recognition_run-08_bold.nii.gz",
			"ses-005/func/sub-02_ses-005_task-retrieval_run-01_bold.nii.gz",
			"ses-005/func/sub-02_ses-005_task-retrieval_run-02_bold.nii.gz"],
	"Modality": "MR",
	"MagneticFieldStrength": 3,
	"Manufacturer": "Siemens",
	"ManufacturersModelName": "Skyra",
	"InstitutionName": "Lewis_Building",
	"InstitutionalDepartmentName": "Department",
	"InstitutionAddress": "Franklin_Blvd_1440_Eugene_District_US_97403",
	"DeviceSerialNumber": "45348",
	"StationName": "AWP45348",
	"BodyPartExamined": "BRAIN",
	"PatientPosition": "HFS",
	"ProcedureStepDescription": "kuhl_lab_Kuhl_SEM",
	"SoftwareVersions": "syngo_MR_E11",
	"MRAcquisitionType": "2D",
	"SeriesDescription": "se_epi_mb3_g2_2mm_ap",
	"ProtocolName": "se_epi_mb3_g2_2mm_ap",
	"ScanningSequence": "EP",
	"SequenceVariant": "SK",
	"ScanOptions": "FS",
	"SequenceName": "epse2d1_104",
	"ImageType": ["ORIGINAL", "PRIMARY", "M", "ND", "MOSAIC"],
	"SeriesNumber": 5,
	"AcquisitionTime": "10:18:19.550000",
	"AcquisitionNumber": 1,
	"SliceThickness": 2,
	"SpacingBetweenSlices": 2,
	"SAR": 0.326355,
	"EchoTime": 0.0478,
	"RepetitionTime": 6.39,
	"FlipAngle": 90,
	"PartialFourier": 1,
	"BaseResolution": 104,
	"ShimSetting": [
		-4981,
		7606,
		9164,
		308,
		80,
		338,
		149,
		-193	],
	"TxRefAmp": 361.972,
	"PhaseResolution": 1,
	"ReceiveCoilName": "Head_32",
	"ReceiveCoilActiveElements": "HEA;HEP",
	"PulseSequenceDetails": "%CustomerSeq%_cmrr_mbep2d_se",
	"ConsistencyInfo": "N4_VE11C_LATEST_20160120",
	"PercentPhaseFOV": 100,
	"EchoTrainLength": 51,
	"PhaseEncodingSteps": 103,
	"AcquisitionMatrixPE": 104,
	"ReconMatrixPE": 104,
	"BandwidthPerPixelPhaseEncode": 27.871,
	"ParallelReductionFactorInPlane": 2,
	"EffectiveEchoSpacing": 0.000344996,
	"DerivedVendorReportedEchoSpacing": 0.000689992,
	"TotalReadoutTime": 0.0355346,
	"PixelBandwidth": 1780,
	"DwellTime": 2.7e-06,
	"PhaseEncodingDirection": "j-",
	"SliceTiming": [
		3.1825,
		0,
		3.2725,
		0.0875,
		3.36,
		0.175,
		3.45,
		0.265,
		3.5375,
		0.3525,
		3.625,
		0.44,
		3.715,
		0.53,
		3.8025,
		0.6175,
		3.8925,
		0.7075,
		3.98,
		0.795,
		4.0675,
		0.8825,
		4.1575,
		0.9725,
		4.245,
		1.06,
		4.335,
		1.15,
		4.4225,
		1.2375,
		4.51,
		1.325,
		4.6,
		1.415,
		4.6875,
		1.5025,
		4.775,
		1.59,
		4.865,
		1.68,
		4.9525,
		1.7675,
		5.0425,
		1.8575,
		5.13,
		1.945,
		5.2175,
		2.0325,
		5.3075,
		2.1225,
		5.395,
		2.21,
		5.485,
		2.3,
		5.5725,
		2.3875,
		5.66,
		2.475,
		5.75,
		2.565,
		5.8375,
		2.6525,
		5.925,
		2.7425,
		6.015,
		2.83,
		6.1025,
		2.9175,
		6.1925,
		3.0075,
		6.28,
		3.095	],
	"ImageOrientationPatientDICOM": [
		0.999821,
		0.0093688,
		-0.0164379,
		-0.0104705,
		0.997612,
		-0.0682722	],
	"InPlanePhaseEncodingDirectionDICOM": "COL",
	"ConversionSoftware": "dcm2niix",
	"ConversionSoftwareVersion": "v1.0.20171215 GCC5.3.1"
}
